GEM
  remote: https://rubygems.org/
  specs:
    celluloid (0.15.2)
      timers (~> 1.1.0)
    dante (0.1.5)
    ffi (1.9.0)
    listen (2.1.1)
      celluloid (>= 0.15.2)
      rb-fsevent (>= 0.9.3)
      rb-inotify (>= 0.9)
    rb-fsevent (0.9.3)
    rb-inotify (0.9.2)
      ffi (>= 0.5.0)
    subexec (0.2.3)
    timers (1.1.0)

PLATFORMS
  ruby

DEPENDENCIES
  dante
  listen
  subexec
